GEM
  remote: https://rubygems.org/
  specs:
    chunky_png (1.2.7)
    compass (0.12.2)
      chunky_png (~> 1.2)
      fssm (>= 0.2.7)
      sass (~> 3.1)
    fssm (0.2.10)
    rb-fsevent (0.9.3)
    sass (3.2.7)

PLATFORMS
  ruby

DEPENDENCIES
  compass
  rb-fsevent (~> 0.9.1)

RUBY VERSION
   ruby 2.6.3p62

BUNDLED WITH
   1.17.2
